GEM
  remote: https://rubygems.org/
  specs:
    activemodel (4.0.0)
      activesupport (= 4.0.0)
      builder (~> 3.1.0)
    activesupport (4.0.0)
      i18n (~> 0.6, >= 0.6.4)
      minitest (~> 4.2)
      multi_json (~> 1.3)
      thread_safe (~> 0.1)
      tzinfo (~> 0.3.37)
    addressable (2.3.5)
    amq-protocol (1.8.0)
    atomic (1.1.14)
    backports (3.3.3)
    builder (3.1.4)
    bunny (0.10.8)
      amq-protocol (>= 1.6.0)
    caldecott-client (0.0.2)
      multi_json (~> 1.3)
    cf (5.3.0)
      addressable
      caldecott-client (~> 0.0.2)
      cfoundry (~> 4.3.5.rc1)
      interact (>= 0.5)
      json_pure
      mothership (>= 0.5.1)
      multi_json (~> 1.3)
      rest-client (~> 1.6)
      uuidtools (~> 2.1)
    cf-uaa-lib (2.0.0)
      multi_json
    cfoundry (4.3.6)
      activemodel (>= 3.2.13, < 5.0.0)
      cf-uaa-lib (~> 2.0.0)
      multi_json (~> 1.7)
      multipart-post (~> 1.1)
      rubyzip (~> 0.9)
    diff-lcs (1.2.4)
    effin_utf8 (1.0)
    erubis (2.7.0)
    faraday (0.8.8)
      multipart-post (~> 1.2.0)
    faraday_middleware (0.9.0)
      faraday (>= 0.7.4, < 0.9)
    hashie (1.2.0)
    i18n (0.6.5)
    interact (0.5.2)
    json_pure (1.8.0)
    mime-types (1.25)
    minitest (4.7.5)
    mothership (0.5.1)
    multi_json (1.7.9)
    multipart-post (1.2.0)
    puma (2.5.1)
      rack (>= 1.1, < 2.0)
    rabbitmq_http_api_client (0.7.0)
      effin_utf8 (~> 1.0.0)
      faraday (~> 0.8.8)
      faraday_middleware (~> 0.9.0)
      hashie (~> 1.2.0)
      multi_json (~> 1.7.0)
    rack (1.5.2)
    rack-protection (1.5.0)
      rack
    rack-test (0.6.2)
      rack (>= 1.0)
    rake (10.1.0)
    rest-client (1.6.7)
      mime-types (>= 1.16)
    rspec (2.14.1)
      rspec-core (~> 2.14.0)
      rspec-expectations (~> 2.14.0)
      rspec-mocks (~> 2.14.0)
    rspec-core (2.14.6)
    rspec-expectations (2.14.3)
      diff-lcs (>= 1.1.3, < 2.0)
    rspec-mocks (2.14.4)
    rubyzip (0.9.9)
    sinatra (1.4.3)
      rack (~> 1.4)
      rack-protection (~> 1.4)
      tilt (~> 1.3, >= 1.3.4)
    sinatra-contrib (1.4.1)
      backports (>= 2.0)
      multi_json
      rack-protection
      rack-test
      sinatra (~> 1.4.0)
      tilt (~> 1.3)
    thread_safe (0.1.3)
      atomic
    tilt (1.4.1)
    tzinfo (0.3.37)
    uuidtools (2.1.4)
    yajl-ruby (1.1.0)

PLATFORMS
  ruby

DEPENDENCIES
  bunny (>= 0.10.8)
  cf (~> 5.3.0)
  effin_utf8
  erubis
  faraday
  multi_json
  puma
  rabbitmq_http_api_client (>= 0.7.0)
  rake
  rspec
  sinatra
  sinatra-contrib
  yajl-ruby
